GEM
  remote: https://rubygems.org/
  specs:
    rulers (1.22.12)

PLATFORMS
  x86_64-linux

DEPENDENCIES
  rulers

BUNDLED WITH
   2.3.26
