PATH
  remote: ../rulers
  specs:
    rulers (2.12.22)
      minitest
      rack (~> 2.2)
      rack-test
      webrick

GEM
  remote: https://rubygems.org/
  specs:
    minitest (5.17.0)
    rack (2.2.5)
    rack-test (2.0.2)
      rack (>= 1.3)
    webrick (1.7.0)

PLATFORMS
  x86_64-linux

DEPENDENCIES
  rulers!

BUNDLED WITH
   2.3.26
